GEM
  remote: https://rubygems.org/
  specs:
    concurrent-ruby (1.1.3)
    dry-core (0.4.7)
      concurrent-ruby (~> 1.0)
    dry-equalizer (0.2.1)
    dry-monads (1.1.0)
      concurrent-ruby (~> 1.0)
      dry-core (~> 0.4, >= 0.4.4)
      dry-equalizer

PLATFORMS
  ruby

DEPENDENCIES
  dry-monads

BUNDLED WITH
   1.16.4
